ObjectType = Image
NDims = 3
BinaryData = True
BinaryDataByteOrderMSB = False 
CompressedData = False
TransformMatrix = 1.0 0.0 0.0 0.0 1.0 0.0 0.0 0.0 1.0 
Offset = 0.5 0.5 0.5
CenterOfRotation = 0 0 0
ElementNumberOfChannels = 1
ElementSpacing = 1.0 1.0 1.0
DimSize = 50 50 30
ElementType = MET_FLOAT
ElementDataFile = ini.raw